GEM
  remote: http://rubygems.org/
  specs:
    diff-lcs (1.1.3)
    domain_name (0.5.20161129)
      unf (>= 0.0.5, < 1.0.0)
    fakeweb (1.3.0)
    git (1.3.0)
    http-cookie (1.0.3)
      domain_name (~> 0.5)
    jeweler (1.6.4)
      bundler (~> 1.0)
      git (>= 1.2.5)
      rake
    json (2.0.3)
    mime-types (2.99.3)
    mixlib-cli (1.7.0)
    netrc (0.11.0)
    rake (12.0.0)
    rdoc (5.0.0)
    rest-client (1.8.0)
      http-cookie (>= 1.0.2, < 2.0)
      mime-types (>= 1.16, < 3.0)
      netrc (~> 0.7)
    rspec (2.7.0)
      rspec-core (~> 2.7.0)
      rspec-expectations (~> 2.7.0)
      rspec-mocks (~> 2.7.0)
    rspec-core (2.7.1)
    rspec-expectations (2.7.0)
      diff-lcs (~> 1.1.2)
    rspec-mocks (2.7.0)
    unf (0.1.4)
      unf_ext
    unf_ext (0.0.7.2)

PLATFORMS
  ruby

DEPENDENCIES
  fakeweb
  jeweler (~> 1.6.4)
  json
  mixlib-cli
  rdoc
  rest-client (~> 1.8.0)
  rspec (~> 2.7.0)

BUNDLED WITH
   1.13.6
