GEM
  remote: http://rubygems.org/
  specs:
    diff-lcs (1.1.3)
    domain_name (0.5.20180417)
      unf (>= 0.0.5, < 1.0.0)
    fakeweb (1.3.0)
    git (1.2.6)
    http-cookie (1.0.3)
      domain_name (~> 0.5)
    jeweler (1.6.4)
      bundler (~> 1.0)
      git (>= 1.2.5)
      rake
    json (1.8.0)
    mime-types (3.1)
      mime-types-data (~> 3.2015)
    mime-types-data (3.2016.0521)
    mixlib-cli (1.3.0)
    netrc (0.11.0)
    rake (10.1.0)
    rdoc (4.0.1)
      json (~> 1.4)
    rest-client (2.0.2)
      http-cookie (>= 1.0.2, < 2.0)
      mime-types (>= 1.16, < 4.0)
      netrc (~> 0.8)
    rspec (2.7.0)
      rspec-core (~> 2.7.0)
      rspec-expectations (~> 2.7.0)
      rspec-mocks (~> 2.7.0)
    rspec-core (2.7.1)
    rspec-expectations (2.7.0)
      diff-lcs (~> 1.1.2)
    rspec-mocks (2.7.0)
    unf (0.1.4)
      unf_ext
    unf_ext (0.0.7.5)

PLATFORMS
  ruby

DEPENDENCIES
  fakeweb
  jeweler (~> 1.6.4)
  json
  mixlib-cli
  rdoc
  rest-client (>= 1.8.0)
  rspec (~> 2.7.0)

BUNDLED WITH
   1.16.1
